GEM
  remote: https://rubygems.org/
  specs:
    rubyzip (1.3.0)
    safe_yaml (1.0.5)
    twine (1.0.6)
      rubyzip (~> 1.1)
      safe_yaml (~> 1.0)

PLATFORMS
  ruby

DEPENDENCIES
  twine

BUNDLED WITH
   1.17.3
