GIT
  remote: https://github.com/sebastianludwig/twine.git
  revision: b1f629061a4b9a3b094ecbf4050a1a2c6f24f939
  specs:
    twine (1.0.4)
      rubyzip (~> 1.1)
      safe_yaml (~> 1.0)

GEM
  remote: https://rubygems.org/
  specs:
    rubyzip (1.2.1)
    safe_yaml (1.0.4)

PLATFORMS
  ruby

DEPENDENCIES
  twine!

BUNDLED WITH
   1.16.0
